NUGET
  remote: https://nuget.org/api/v2
  specs:
    FAKE (3.33.0)
    FSharp.Core (3.1.2.1)
    FsPickler (1.2.0)
    FsUnit (1.3.0.1)
      NUnit (>= 2.6.3)
    Fuchu-suave (0.6.1)
      FSharp.Core (>= 3.1.2.1)
    Nancy (0.23.2)
    Nancy.Hosting.Self (0.23.2)
      Nancy (>= 0.23.2)
    NuGet.CommandLine (2.8.5)
    NUnit (2.6.4)
    NUnit.Runners (2.6.4)
    OpenCover (4.5.3723)
    Suave (0.28.1)
      FSharp.Core (>= 3.1.2.1)
      FsPickler (>= 1.0.7)
    Suave.Testing (0.28.1)
      Fuchu-suave (>= 0.6.1)
      Suave (>= 0.28.1)
